PATH
  remote: .
  specs:
    clandestined (1.0.0a)

GEM
  remote: https://rubygems.org/
  specs:
    rake (0.9.6)
    rake-compiler (0.8.3)
      rake
    rubydoctest (1.1.3)

PLATFORMS
  ruby

DEPENDENCIES
  clandestined!
  rake (= 0.9.6)
  rake-compiler (= 0.8.3)
  rubydoctest (= 1.1.3)
